GEM
  specs:
    slack-notifier (0.5.0)

PLATFORMS
  ruby

DEPENDENCIES
  slack-notifier
